GEM
  remote: https://rubygems.org/
  specs:
    binding_of_caller (0.8.0)
      debug_inspector (>= 0.0.1)
    byebug (10.0.2)
    coderay (1.1.2)
    debug_inspector (0.0.3)
    dotenv (2.5.0)
    event_emitter (0.2.6)
    faraday (0.11.0)
      multipart-post (>= 1.2, < 3)
    faraday_middleware (0.12.2)
      faraday (>= 0.7.4, < 1.0)
    json (2.1.0)
    method_source (0.9.0)
    multipart-post (2.0.0)
    pry (0.11.3)
      coderay (~> 1.1.0)
      method_source (~> 0.9.0)
    pry-byebug (3.6.0)
      byebug (~> 10.0)
      pry (~> 0.10)
    rake (12.3.1)
    redis (4.0.1)
    websocket (1.2.8)

PLATFORMS
  ruby

DEPENDENCIES
  binding_of_caller
  dotenv
  event_emitter
  faraday
  faraday_middleware
  json
  pry-byebug
  rake
  redis
  websocket

RUBY VERSION
   ruby 2.5.0p0

BUNDLED WITH
   1.16.4
